GEM
  remote: https://rubygems.org/
  specs:
    addressable (2.3.5)
    excon (0.31.0)
    git (1.2.6)
    git-ssh-wrapper (0.2.0)
    heroku (3.2.3)
      heroku-api (~> 0.3.7)
      launchy (>= 0.3.2)
      netrc (~> 0.7.7)
      rest-client (~> 1.6.1)
      rubyzip
    heroku-api (0.3.17)
      excon (~> 0.27)
      multi_json (~> 1.8.2)
    launchy (2.4.2)
      addressable (~> 2.3)
    mime-types (2.1)
    multi_json (1.8.4)
    netrc (0.7.7)
    rack (1.5.2)
    rack-protection (1.5.2)
      rack
    rest-client (1.6.7)
      mime-types (>= 1.16)
    rubyzip (1.1.0)
    sinatra (1.4.4)
      rack (~> 1.4)
      rack-protection (~> 1.4)
      tilt (~> 1.3, >= 1.3.4)
    tilt (1.4.1)

PLATFORMS
  ruby

DEPENDENCIES
  git
  git-ssh-wrapper
  heroku
  sinatra
